GEM
  remote: https://rubygems.org/
  specs:
    amq-protocol (1.8.0)
    bunny (1.0.0)
      amq-protocol (>= 1.8.0)

PLATFORMS
  ruby

DEPENDENCIES
  bunny
